GEM
  remote: http://www.rubygems.org/
  specs:
    aws-sdk-core (2.7.3)
      aws-sigv4 (~> 1.0)
      jmespath (~> 1.0)
    aws-sdk-resources (2.7.3)
      aws-sdk-core (= 2.7.3)
    aws-sigv4 (1.0.0)
    clamp (1.1.1)
    colorize (0.8.1)
    console_logger (1.0.0)
    diffy (3.1.0)
    jmespath (1.3.1)
    multi_json (1.12.1)
    stackup (1.0.4)
      aws-sdk-resources (~> 2.0)
      clamp (~> 1.0)
      console_logger
      diffy (~> 3.0)
      multi_json

PLATFORMS
  ruby

DEPENDENCIES
  colorize
  stackup

BUNDLED WITH
   1.14.3
